PATH
  remote: .
  specs:
    ase-palette (0.9.2)
      bindata (~> 2.4.10)
      hex_string (~> 1.0.1)

GEM
  remote: https://rubygems.org/
  specs:
    bindata (2.4.10)
    diff-lcs (1.5.0)
    hex_string (1.0.1)
    rake (13.0.6)
    rspec (3.10.0)
      rspec-core (~> 3.10.0)
      rspec-expectations (~> 3.10.0)
      rspec-mocks (~> 3.10.0)
    rspec-core (3.10.1)
      rspec-support (~> 3.10.0)
    rspec-expectations (3.10.2)
      diff-lcs (>= 1.2.0, < 2.0)
      rspec-support (~> 3.10.0)
    rspec-mocks (3.10.2)
      diff-lcs (>= 1.2.0, < 2.0)
      rspec-support (~> 3.10.0)
    rspec-support (3.10.3)

PLATFORMS
  ruby

DEPENDENCIES
  ase-palette!
  bundler (~> 2.0)
  rake (~> 13.0)
  rspec (~> 3.10)

BUNDLED WITH
   2.0.1
