PATH
  remote: .
  specs:
    ase-builder (0.1.0)
      bindata (~> 2.4.4)
      hex_string (~> 1.0.1)

GEM
  remote: https://rubygems.org/
  specs:
    bindata (2.4.4)
    diff-lcs (1.3)
    hex_string (1.0.1)
    rake (11.3.0)
    rspec (3.8.0)
      rspec-core (~> 3.8.0)
      rspec-expectations (~> 3.8.0)
      rspec-mocks (~> 3.8.0)
    rspec-core (3.8.0)
      rspec-support (~> 3.8.0)
    rspec-expectations (3.8.2)
      diff-lcs (>= 1.2.0, < 2.0)
      rspec-support (~> 3.8.0)
    rspec-mocks (3.8.0)
      diff-lcs (>= 1.2.0, < 2.0)
      rspec-support (~> 3.8.0)
    rspec-support (3.8.0)

PLATFORMS
  ruby

DEPENDENCIES
  ase-builder!
  bundler (~> 2.0)
  rake (~> 11.2)
  rspec (~> 3.8)

BUNDLED WITH
   2.0.1
